GEM
  remote: http://rubygems.org/
  remote: http://gems.github.com/
  specs:
    bunny (0.7.8)
    columnize (0.3.5)
    diff-lcs (1.1.3)
    git (1.2.5)
    guard (0.8.8)
      thor (~> 0.14.6)
    guard-rspec (0.5.9)
      guard (>= 0.8.4)
    jeweler (1.6.4)
      bundler (~> 1.0)
      git (>= 1.2.5)
      rake
    linecache (0.46)
      rbx-require-relative (> 0.0.4)
    rake (0.9.2.2)
    rb-fsevent (0.4.3.1)
    rbx-require-relative (0.0.5)
    rspec (2.7.0)
      rspec-core (~> 2.7.0)
      rspec-expectations (~> 2.7.0)
      rspec-mocks (~> 2.7.0)
    rspec-core (2.7.1)
    rspec-expectations (2.7.0)
      diff-lcs (~> 1.1.2)
    rspec-mocks (2.7.0)
    ruby-debug (0.10.4)
      columnize (>= 0.1)
      ruby-debug-base (~> 0.10.4.0)
    ruby-debug-base (0.10.4)
      linecache (>= 0.3)
    thor (0.14.6)

PLATFORMS
  ruby

DEPENDENCIES
  bunny
  guard-rspec
  jeweler
  rb-fsevent
  rspec
  ruby-debug
